GEM
  remote: https://rubygems.org/
  specs:
    rake (12.3.3)
    sass (3.4.25)
    scss_lint (0.51.0)
      rake (>= 0.9, < 13)
      sass (~> 3.4.20)

PLATFORMS
  ruby

DEPENDENCIES
  scss_lint (~> 0.51.0)

BUNDLED WITH
   1.17.3
